GEM
  remote: http://rubygems.org/
  specs:
    addressable (2.2.7)
    backports (2.6.2)
    crack (0.1.8)
    daemons (1.1.3)
    dropbox-sdk (1.3)
      json
    eventmachine (0.12.10)
    faraday (0.7.6)
      addressable (~> 2.2)
      multipart-post (~> 1.1)
      rack (~> 1.1)
    foreman (0.53.0)
      thor (>= 0.13.6)
    httparty (0.7.8)
      crack (= 0.1.8)
    json (1.5.4)
    koala (1.3.0)
      faraday (~> 0.7.0)
      multi_json (~> 1.0)
    monkey-lib (0.5.4)
      backports
    multi_json (1.0.3)
    multipart-post (1.1.5)
    oauth (0.4.6)
    rack (1.3.2)
    sinatra (1.2.6)
      rack (~> 1.1)
      tilt (>= 1.2.2, < 2.0)
    sinatra-advanced-routes (0.5.1)
      monkey-lib (~> 0.5.0)
      sinatra (~> 1.0)
      sinatra-sugar (~> 0.5.0)
    sinatra-reloader (0.5.0)
      sinatra (~> 1.0)
      sinatra-advanced-routes (~> 0.5.0)
    sinatra-sugar (0.5.1)
      monkey-lib (~> 0.5.0)
      sinatra (~> 1.0)
    thin (1.2.11)
      daemons (>= 1.0.9)
      eventmachine (>= 0.12.6)
      rack (>= 1.0.0)
    thor (0.15.4)
    tilt (1.3.3)
    webrick (1.3.1)

PLATFORMS
  ruby

DEPENDENCIES
  dropbox-sdk
  foreman
  httparty
  json
  koala
  oauth
  sinatra
  sinatra-reloader
  thin
  webrick
